GEM
  remote: http://rubygems.org/
  specs:
    activemodel (3.2.1)
      activesupport (= 3.2.1)
      builder (~> 3.0.0)
    activerecord (3.2.1)
      activemodel (= 3.2.1)
      activesupport (= 3.2.1)
      arel (~> 3.0.0)
      tzinfo (~> 0.3.29)
    activerecord-jdbc-adapter (1.2.2)
    activerecord-jdbcsqlite3-adapter (1.2.2)
      activerecord-jdbc-adapter (~> 1.2.2)
      jdbc-sqlite3 (~> 3.7.2)
    activesupport (3.2.1)
      i18n (~> 0.6)
      multi_json (~> 1.0)
    addressable (2.2.6)
    arel (3.0.0)
    builder (3.0.0)
    coderay (1.0.5)
    daemons (1.1.6)
    engineyard (1.4.22)
      engineyard-serverside-adapter (= 1.5.27)
      escape (~> 0.0.4)
      highline (~> 1.6.1)
      json_pure
      launchy (= 2.0.5)
      net-ssh (~> 2.2.1)
      rest-client (~> 1.6.0)
    engineyard-serverside-adapter (1.5.27)
      escape (~> 0.0.4)
      json_pure
    erubis (2.7.0)
    escape (0.0.4)
    eventmachine (0.12.10)
    eventmachine (0.12.10-java)
    ffi (1.0.11-java)
    highline (1.6.11)
    i18n (0.6.0)
    jdbc-sqlite3 (3.7.2)
    json_pure (1.6.5)
    launchy (2.0.5)
      addressable (~> 2.2.6)
    launchy (2.0.5-java)
      addressable (~> 2.2.6)
      ffi (~> 1.0.9)
      spoon (~> 0.0.1)
    method_source (0.7.0)
    mime-types (1.17.2)
    minitest (2.11.0)
    multi_json (1.0.4)
    mustache (0.99.4)
    net-ssh (2.2.2)
    pry (0.9.8)
      coderay (~> 1.0.5)
      method_source (~> 0.7)
      slop (< 3, >= 2.4.3)
    pry (0.9.8-java)
      coderay (~> 1.0.5)
      method_source (~> 0.7)
      slop (< 3, >= 2.4.3)
      spoon (~> 0.0)
    rack (1.4.1)
    rack-protection (1.2.0)
      rack
    rake (0.9.2.2)
    rdiscount (1.6.8)
    require_relative (1.0.3)
    rerun (0.6.5)
    rest-client (1.6.7)
      mime-types (>= 1.16)
    rocco (0.7)
      mustache
      rdiscount
    sinatra (1.3.2)
      rack (>= 1.3.6, ~> 1.3)
      rack-protection (~> 1.2)
      tilt (>= 1.3.3, ~> 1.3)
    slop (2.4.3)
    spoon (0.0.1)
    sqlite3 (1.3.5)
    thin (1.3.1)
      daemons (>= 1.0.9)
      eventmachine (>= 0.12.6)
      rack (>= 1.0.0)
    tilt (1.3.3)
    tzinfo (0.3.31)

PLATFORMS
  java
  ruby

DEPENDENCIES
  activerecord
  activerecord-jdbcsqlite3-adapter
  engineyard
  erubis
  minitest
  pry
  rack (= 1.4.1)
  rake
  require_relative
  rerun
  rocco (= 0.7)
  sinatra
  sqlite3
  thin
